GIT
  remote: https://github.com/joefiorini/sass-css-importer
  revision: 3e36de98c4e1cce0522b00265709daf9e3ca2330
  specs:
    sass-css-importer (1.0.0.beta.0)
      sass (>= 3.1)

GEM
  remote: https://rubygems.org/
  specs:
    chunky_png (1.3.0)
    compass (0.12.3)
      chunky_png (~> 1.2)
      fssm (>= 0.2.7)
      sass (= 3.2.14)
    fssm (0.2.10)
    sass (3.2.14)

PLATFORMS
  ruby

DEPENDENCIES
  compass
  sass-css-importer!
